GEM
  remote: https://gems.ruby-china.org/
  specs:
    ansi (1.5.0)
    antlr3 (1.10.0)
    builder (3.2.2)
    minitest (5.9.1)
    minitest-reporters (1.1.11)
      ansi
      builder
      minitest (>= 5.0)
      ruby-progressbar
    rake (0.9.6)
    ruby-progressbar (1.8.1)

PLATFORMS
  ruby

DEPENDENCIES
  antlr3
  minitest
  minitest-reporters
  rake

BUNDLED WITH
   1.13.6
